GEM
  remote: https://rubygems.org/
  specs:
    mini_portile2 (2.8.0)
    nokogiri (1.13.4)
      mini_portile2 (~> 2.8.0)
      racc (~> 1.4)
    nokogiri (1.13.4-x64-mingw32)
      racc (~> 1.4)
    racc (1.6.0)
    sqlite3 (1.3.11)
    sqlite3 (1.3.11-x64-mingw32)

PLATFORMS
  ruby
  x64-mingw32

DEPENDENCIES
  nokogiri
  sqlite3

BUNDLED WITH
   1.12.5
