GEM
  remote: https://rubygems.org/
  specs:
    mini_portile2 (2.1.0)
    nokogiri (1.6.8-x64-mingw32)
      mini_portile2 (~> 2.1.0)
      pkg-config (~> 1.1.7)
    pkg-config (1.1.7)
    sqlite3 (1.3.11-x64-mingw32)

PLATFORMS
  x64-mingw32

DEPENDENCIES
  nokogiri
  sqlite3

BUNDLED WITH
   1.12.5
