GEM
  remote: https://rubygems.org/
  specs:
    mini_portile2 (2.4.0)
    nokogiri (1.10.4)
      mini_portile2 (~> 2.4.0)
    nokogiri (1.10.4-x64-mingw32)
      mini_portile2 (~> 2.4.0)
    sqlite3 (1.3.11)
    sqlite3 (1.3.11-x64-mingw32)

PLATFORMS
  ruby
  x64-mingw32

DEPENDENCIES
  nokogiri
  sqlite3

BUNDLED WITH
   1.12.5
