GEM
  remote: https://rubygems.org/
  specs:
    mini_portile2 (2.8.6)
    nokogiri (1.16.5)
      mini_portile2 (~> 2.8.2)
      racc (~> 1.4)
    nokogiri (1.16.5-x64-mingw32)
      racc (~> 1.4)
    racc (1.7.3)
    sqlite3 (1.3.11)
    sqlite3 (1.3.11-x64-mingw32)

PLATFORMS
  ruby
  x64-mingw32

DEPENDENCIES
  nokogiri
  sqlite3

BUNDLED WITH
   1.12.5
